PATH
  remote: .
  specs:
    schop (0.0.2)
      highline (~> 1.6)
      ruby-growl (~> 3.0)
      thor (= 0.14.3)

GEM
  remote: http://rubygems.org/
  specs:
    daemons (1.1.0)
    highline (1.6.1)
    ruby-growl (3.0)
    thor (0.14.3)

PLATFORMS
  ruby

DEPENDENCIES
  daemons
  highline (~> 1.6)
  ruby-growl (~> 3.0)
  schop!
  thor (= 0.14.3)
