PATH
  remote: .
  specs:
    schop (0.0.2)
      highline (~> 1.6)
      thor (= 0.14.3)

GEM
  remote: http://rubygems.org/
  specs:
    columnize (0.3.2)
    daemons (1.1.0)
    highline (1.6.1)
    linecache (0.43)
    ruby-debug (0.10.4)
      columnize (>= 0.1)
      ruby-debug-base (~> 0.10.4.0)
    ruby-debug-base (0.10.4)
      linecache (>= 0.3)
    thor (0.14.3)

PLATFORMS
  ruby

DEPENDENCIES
  daemons
  highline (~> 1.6)
  ruby-debug
  schop!
  thor (= 0.14.3)
